GEM
  remote: https://rubygems.org/
  specs:
    coderay (1.1.2)
    method_source (0.9.2)
    numo-linalg (0.1.4)
      numo-narray (>= 0.9.0.7)
    numo-narray (0.9.1.4)
    nyaplot (0.1.6)
    pry (0.12.2)
      coderay (~> 1.1.0)
      method_source (~> 0.9.0)

PLATFORMS
  ruby

DEPENDENCIES
  numo-linalg
  numo-narray
  nyaplot
  pry

BUNDLED WITH
   2.0.1
