GEM
  remote: https://rubygems.org/
  specs:
    numo-linalg (0.1.4)
      numo-narray (>= 0.9.0.7)
    numo-narray (0.9.1.4)
    nyaplot (0.1.6)

PLATFORMS
  ruby

DEPENDENCIES
  numo-linalg
  numo-narray
  nyaplot

BUNDLED WITH
   2.0.1
